PATH
  remote: .
  specs:
    couch_tap (0.4.0)
      activesupport (~> 4.0)
      couchrest (~> 1.1.3)
      httpclient (~> 2.6)
      sequel (>= 4.36.0)
      yajl-ruby (~> 1.1.0)

GEM
  remote: https://rubygems.org/
  specs:
    activesupport (4.2.8)
      i18n (~> 0.7)
      minitest (~> 5.1)
      thread_safe (~> 0.3, >= 0.3.4)
      tzinfo (~> 1.1)
    byebug (9.0.6)
    couchrest (1.1.3)
      mime-types (~> 1.15)
      multi_json (~> 1.0)
      rest-client (~> 1.6.1)
    httpclient (2.8.3)
    i18n (0.8.1)
    metaclass (0.0.1)
    mime-types (1.25.1)
    minitest (5.10.1)
    mocha (0.13.3)
      metaclass (~> 0.0.1)
    multi_json (1.12.1)
    power_assert (0.2.2)
    rest-client (1.6.9)
      mime-types (~> 1.16)
    sequel (4.45.0)
    sqlite3 (1.3.11)
    test-unit (3.0.8)
      power_assert
    thread_safe (0.3.6)
    tzinfo (1.2.3)
      thread_safe (~> 0.1)
    yajl-ruby (1.1.0)

PLATFORMS
  ruby

DEPENDENCIES
  byebug
  couch_tap!
  mocha
  sqlite3
  test-unit

BUNDLED WITH
   1.14.6
